GEM
  remote: http://rubygems.org/
  specs:
    POpen4 (0.1.4)
      Platform (>= 0.4.0)
      open4
    Platform (0.4.0)
    aaronh-chronic (0.3.9)
    actionmailer (2.3.17)
      actionpack (= 2.3.17)
    actionpack (2.3.17)
      activesupport (= 2.3.17)
      rack (~> 1.1.0)
    activerecord (2.3.17)
      activesupport (= 2.3.17)
    activerecord-tableless (0.1.0)
      activerecord
    activeresource (2.3.17)
      activesupport (= 2.3.17)
    activesupport (2.3.17)
    addressable (2.3.4)
    bourbon (3.1.8)
      sass (>= 3.2.0)
      thor
    brianjlandau-acts_as_archive (0.2.8)
      require (= 0.2.7)
    builder (3.0.0)
    capistrano (2.5.19)
      highline
      net-scp (>= 1.0.0)
      net-sftp (>= 2.0.0)
      net-ssh (>= 2.0.14)
      net-ssh-gateway (>= 1.0.0)
    capistrano-ext (1.2.1)
      capistrano (>= 1.0.0)
    closure-compiler (1.1.6)
    coderay (1.0.6)
    columnize (0.3.6)
    crack (0.4.0)
      safe_yaml (~> 0.9.0)
    diff-lcs (1.2.4)
    erubis (2.7.0)
    faker (0.3.1)
    faraday (0.8.7)
      multipart-post (~> 1.1)
    fastercsv (1.5.4)
    fleakr (0.7.1)
      hpricot (>= 0.6.164)
      loggable (>= 0.2.0)
    friendly_id (2.3.4)
      activerecord (>= 2.2)
      activesupport (>= 2.2)
    geokit (1.5.0)
    highline (1.6.11)
    hoptoad_notifier (2.4.6)
      activesupport
      builder
    hpricot (0.8.6)
    httparty (0.11.0)
      multi_json (~> 1.0)
      multi_xml (>= 0.5.2)
    jammit (0.6.0)
      closure-compiler (>= 0.1.0)
      yui-compressor (>= 0.9.1)
    linecache (0.46)
      rbx-require-relative (> 0.0.4)
    loggable (0.3.0)
    machinist (1.0.6)
    method_source (0.7.1)
    mocha (0.9.8)
      rake
    multi_json (1.7.7)
    multi_xml (0.5.4)
    multipart-post (1.2.0)
    mysql (2.8.1)
    net-scp (1.0.4)
      net-ssh (>= 1.99.1)
    net-sftp (2.0.5)
      net-ssh (>= 2.0.9)
    net-ssh (2.3.0)
    net-ssh-gateway (1.1.0)
      net-ssh (>= 1.99.1)
    nokogiri (1.4.4)
    open4 (1.3.0)
    paperclip (2.3.8)
      activerecord
      activesupport
    phocus (1.1)
    pry (0.9.9.4)
      coderay (~> 1.0.5)
      method_source (~> 0.7.1)
      slop (>= 2.4.4, < 3)
    rack (1.1.6)
    rack-rewrite (1.3.0)
    rack-test (0.5.7)
      rack (>= 1.0)
    rails (2.3.17)
      actionmailer (= 2.3.17)
      actionpack (= 2.3.17)
      activerecord (= 2.3.17)
      activeresource (= 2.3.17)
      activesupport (= 2.3.17)
      rake (>= 0.8.3)
    rake (0.8.7)
    rbx-require-relative (0.0.9)
    rcov (0.9.9)
    require (0.2.7)
    rspec-expectations (2.14.3)
      diff-lcs (>= 1.1.3, < 2.0)
    ruby-debug (0.10.4)
      columnize (>= 0.1)
      ruby-debug-base (~> 0.10.4.0)
    ruby-debug-base (0.10.4)
      linecache (>= 0.3)
    safe_yaml (0.9.3)
    sass (3.2.10)
    sass-globbing (1.1.0)
      sass (>= 3.1)
    searchlogic (2.4.27)
      activerecord (>= 2.0.0)
    shoulda (2.10.3)
    simple_oauth (0.2.0)
    sitemap_generator (3.4)
      builder
    slop (2.4.4)
    system_timer (1.2.4)
    thor (0.18.1)
    truncate_html (0.5.0)
    twitter (4.8.1)
      faraday (~> 0.8, < 0.10)
      multi_json (~> 1.0)
      simple_oauth (~> 0.2)
    twitter-text (1.3.1)
      actionpack
    uuidtools (2.1.3)
    vcr (2.5.0)
    webmock (1.11.0)
      addressable (>= 2.2.7)
      crack (>= 0.3.2)
    whenever (0.6.2)
      aaronh-chronic (>= 0.3.9)
      activesupport (>= 2.3.4)
    will_paginate (2.3.15)
    yajl-ruby (1.2.0)
    yui-compressor (0.9.6)
      POpen4 (>= 0.1.4)

PLATFORMS
  ruby

DEPENDENCIES
  activerecord-tableless (= 0.1.0)
  bourbon
  brianjlandau-acts_as_archive (= 0.2.8)
  capistrano (= 2.5.19)
  capistrano-ext (= 1.2.1)
  erubis (= 2.7.0)
  faker (= 0.3.1)
  fastercsv (= 1.5.4)
  fleakr (= 0.7.1)
  friendly_id (~> 2.3)
  geokit (= 1.5.0)
  hoptoad_notifier (= 2.4.6)
  httparty
  jammit (= 0.6.0)
  machinist (= 1.0.6)
  mocha (= 0.9.8)
  mysql (= 2.8.1)
  nokogiri (= 1.4.4)
  paperclip (= 2.3.8)
  phocus (= 1.1)
  pry
  rack-rewrite
  rack-test (= 0.5.7)
  rails (= 2.3.17)
  rake (= 0.8.7)
  rcov (= 0.9.9)
  rspec-expectations
  ruby-debug (= 0.10.4)
  sass
  sass-globbing
  searchlogic (= 2.4.27)
  shoulda (= 2.10.3)
  sitemap_generator (~> 3.4)
  system_timer
  truncate_html (= 0.5.0)
  twitter
  twitter-text (= 1.3.1)
  uuidtools
  vcr
  webmock
  whenever (= 0.6.2)
  will_paginate (= 2.3.15)
  yajl-ruby
